GEM
  remote: https://rubygems.org/
  specs:
    CFPropertyList (2.2.8)
    awesome_print (1.2.0)
    coderay (1.1.0)
    facter (2.0.1)
      CFPropertyList (~> 2.2.6)
    hiera (1.3.2)
      json_pure
    json_pure (1.8.1)
    method_source (0.8.2)
    pry (0.9.12.6)
      coderay (~> 1.0)
      method_source (~> 0.8)
      slop (~> 3.4)
    pry-doc (0.6.0)
      pry (~> 0.9)
      yard (~> 0.8)
    puppet (3.6.0)
      facter (> 1.6, < 3)
      hiera (~> 1.0)
      json_pure
      rgen (~> 0.6.5)
    rack (1.5.2)
    rack-protection (1.5.3)
      rack
    rgen (0.6.6)
    shotgun (0.9)
      rack (>= 1.0)
    sinatra (1.4.5)
      rack (~> 1.4)
      rack-protection (~> 1.4)
      tilt (~> 1.3, >= 1.3.4)
    slim (2.0.2)
      temple (~> 0.6.6)
      tilt (>= 1.3.3, < 2.1)
    slop (3.5.0)
    temple (0.6.7)
    tilt (1.4.1)
    yard (0.8.7.4)

PLATFORMS
  ruby

DEPENDENCIES
  awesome_print (= 1.2.0)
  hiera (= 1.3.2)
  pry (= 0.9.12.6)
  pry-doc
  puppet (~> 3)
  shotgun
  sinatra (~> 1.4.5)
  slim
  tilt (= 1.4.1)
